GEM
  remote: https://rubygems.org/
  

PLATFORMS
  ruby

DEPENDENCIES
  httparty
  rspec

BUNDLED WITH
   1.11.2
